GEM
  remote: https://rubygems.org/
  specs:
    airrecord (1.0.12)
      faraday (>= 1.0, < 3.0)
      faraday-net_http_persistent
      net-http-persistent
    coderay (1.1.3)
    connection_pool (2.4.0)
    faraday (2.7.4)
      faraday-net_http (>= 2.0, < 3.1)
      ruby2_keywords (>= 0.0.4)
    faraday-net_http (3.0.2)
    faraday-net_http_persistent (2.1.0)
      faraday (~> 2.5)
      net-http-persistent (~> 4.0)
    method_source (1.0.0)
    net-http-persistent (4.0.2)
      connection_pool (~> 2.2)
    nokogiri (1.14.3-x86_64-linux)
      racc (~> 1.4)
    ofx (0.3.2)
      nokogiri
    pry (0.14.2)
      coderay (~> 1.1)
      method_source (~> 1.0)
    racc (1.6.2)
    ruby2_keywords (0.0.5)

PLATFORMS
  x86_64-linux

DEPENDENCIES
  airrecord (= 1.0.12)
  ofx (= 0.3.2)
  pry

BUNDLED WITH
   2.3.26
